GEM
  remote: https://rubygems.org/
  specs:
    gruff (0.10.0)
      histogram
      rmagick
    histogram (0.2.4.1)
    rmagick (4.1.2)

PLATFORMS
  ruby

DEPENDENCIES
  gruff

BUNDLED WITH
   2.1.4
